GIT
  remote: git://github.com/kristianmandrup/formtastic-bootstrap.git
  revision: 0098b96e8517f652d1de2b9299ef1f0719bde025
  specs:
    formtastic-bootstrap (2.2.1)
      formtastic (~> 2.2.1)
      rails (>= 3.2.0)

GIT
  remote: git://github.com/paranoida/ckeditor.git
  revision: 37614dbf14c20f7cf555a35cdf8e13dd9803bc40
  specs:
    ckeditor (3.7.1)
      mime-types
      orm_adapter

GEM
  remote: http://rubygems.org/
  specs:
    actionmailer (3.2.8)
      actionpack (= 3.2.8)
      mail (~> 2.4.4)
    actionpack (3.2.8)
      activemodel (= 3.2.8)
      activesupport (= 3.2.8)
      builder (~> 3.0.0)
      erubis (~> 2.7.0)
      journey (~> 1.0.4)
      rack (~> 1.4.0)
      rack-cache (~> 1.2)
      rack-test (~> 0.6.1)
      sprockets (~> 2.1.3)
    active_record_schema (0.5.13)
      rails
    activemodel (3.2.8)
      activesupport (= 3.2.8)
      builder (~> 3.0.0)
    activerecord (3.2.8)
      activemodel (= 3.2.8)
      activesupport (= 3.2.8)
      arel (~> 3.0.2)
      tzinfo (~> 0.3.29)
    activeresource (3.2.8)
      activemodel (= 3.2.8)
      activesupport (= 3.2.8)
    activesupport (3.2.8)
      i18n (~> 0.6)
      multi_json (~> 1.0)
    arel (3.0.2)
    auto_strip_attributes (2.0.2)
      activerecord (>= 3.0)
    aws-sdk (1.6.6)
      httparty (~> 0.7)
      json (~> 1.4)
      nokogiri (>= 1.4.4)
      uuidtools (~> 2.1)
    bcrypt-ruby (3.0.1)
    bootstrap-datepicker-rails (0.6.16)
      railties (>= 3.0)
    bootstrap-helpers (0.1.8)
      rails
    builder (3.0.0)
    chosen-rails (0.9.8.1)
      railties (~> 3.0)
      thor (~> 0.14)
    cocaine (0.3.1)
    coffee-script (2.2.0)
      coffee-script-source
      execjs
    coffee-script-source (1.3.3)
    coffeebeans (1.0.1)
      actionpack (>= 3.0.0)
      coffee-script
    devise (2.1.2)
      bcrypt-ruby (~> 3.0)
      orm_adapter (~> 0.1)
      railties (~> 3.1)
      warden (~> 1.2.1)
    devise-i18n (0.5.7)
    devise-i18n-views (0.2.2)
    erubis (2.7.0)
    execjs (1.4.0)
      multi_json (~> 1.0)
    facebox-rails (0.1.2)
      railties (~> 3.0)
      thor (~> 0.14)
    flash_cookie_session (1.1.3)
      rails (~> 3.0)
    formtastic (2.2.1)
      actionpack (>= 3.0)
    fullstack (0.1.26)
      active_record_schema
      auto_strip_attributes
      coffeebeans
      devise
      devise-i18n
      devise-i18n-views
      flash_cookie_session
      has_partial
      htmlentities
      jquery-rails
      kaminari (= 0.13.0)
      kaminari-i18n
      meta-tags-helpers
      mobile-fu (~> 1.1.0)
      nokogiri
      rails
      rails-i18n
      rails-slow-assets-workaround
      rails_config
      rails_nested_layouts
      rambler
      remoting
      remotipart
      resource-presentation-helpers
      squeel
    git (1.2.5)
    has-attached (0.2.4)
      aws-sdk
      flash_cookie_session
      paperclip
      rails
    has_partial (0.1.1)
      rails
    hike (1.2.1)
    htmlentities (4.3.1)
    httparty (0.9.0)
      multi_json (~> 1.0)
      multi_xml
    i18n (0.6.0)
    jeweler (1.8.4)
      bundler (~> 1.0)
      git (>= 1.2.5)
      rake
      rdoc
    journey (1.0.4)
    jquery-rails (2.1.2)
      railties (>= 3.1.0, < 5.0)
      thor (~> 0.14)
    json (1.7.4)
    kaminari (0.13.0)
      actionpack (>= 3.0.0)
      activesupport (>= 3.0.0)
      railties (>= 3.0.0)
    kaminari-i18n (0.1.3)
      rails
    mail (2.4.4)
      i18n (>= 0.4.0)
      mime-types (~> 1.16)
      treetop (~> 1.4.8)
    meta-tags-helpers (0.1.2)
      rails
    meta_search (1.1.3)
      actionpack (~> 3.1)
      activerecord (~> 3.1)
      activesupport (~> 3.1)
      polyamorous (~> 0.5.0)
    mime-types (1.19)
    mobile-fu (1.1.0)
      rack-mobile-detect
      rails
    multi_json (1.3.6)
    multi_xml (0.5.1)
    net-ssh (2.5.2)
    nokogiri (1.5.5)
    orm_adapter (0.4.0)
    paperclip (3.2.0)
      activemodel (>= 3.0.0)
      activerecord (>= 3.0.0)
      activesupport (>= 3.0.0)
      cocaine (>= 0.0.2)
      mime-types
    plupload-rails (1.0.6)
      rails (~> 3.1)
    polyamorous (0.5.0)
      activerecord (~> 3.0)
    polyglot (0.3.3)
    rack (1.4.1)
    rack-cache (1.2)
      rack (>= 0.4)
    rack-mobile-detect (0.4.0)
      rack
    rack-ssl (1.3.2)
      rack
    rack-test (0.6.1)
      rack (>= 1.0)
    rails (3.2.8)
      actionmailer (= 3.2.8)
      actionpack (= 3.2.8)
      activerecord (= 3.2.8)
      activeresource (= 3.2.8)
      activesupport (= 3.2.8)
      bundler (~> 1.0)
      railties (= 3.2.8)
    rails-i18n (0.6.6)
      i18n (~> 0.5)
    rails-slow-assets-workaround (0.1.1)
      rails
    rails_config (0.3.1)
      activesupport (>= 3.0)
    rails_nested_layouts (0.1.1)
      rails
    railties (3.2.8)
      actionpack (= 3.2.8)
      activesupport (= 3.2.8)
      rack-ssl (~> 1.3.2)
      rake (>= 0.8.7)
      rdoc (~> 3.4)
      thor (>= 0.14.6, < 2.0)
    rake (0.9.2.2)
    rambler (0.1.3)
      rails (~> 3.2)
    rdoc (3.12)
      json (~> 1.4)
    remoting (0.3.9)
      net-ssh
      rails (~> 3.0)
    remotipart (1.0.2)
    resource-presentation-helpers (0.1.1)
      rails
    sprockets (2.1.3)
      hike (~> 1.2)
      rack (~> 1.0)
      tilt (~> 1.1, != 1.3.0)
    squeel (1.0.11)
      activerecord (~> 3.0)
      activesupport (~> 3.0)
      polyamorous (~> 0.5.0)
    thor (0.15.4)
    tilt (1.3.3)
    treetop (1.4.10)
      polyglot
      polyglot (>= 0.3.1)
    tzinfo (0.3.33)
    uuidtools (2.1.3)
    warden (1.2.1)
      rack (>= 1.0)

PLATFORMS
  ruby

DEPENDENCIES
  bootstrap-datepicker-rails
  bootstrap-helpers (~> 0.1.7)
  chosen-rails
  ckeditor!
  facebox-rails
  formtastic-bootstrap!
  fullstack (~> 0.1.26)
  has-attached (~> 0.2.4)
  jeweler
  meta_search
  plupload-rails
  rails (~> 3.2)
